GEM
  remote: https://rubygems.org/
  specs:
    jwt (2.1.0)
    minitest (5.11.3)

PLATFORMS
  ruby

DEPENDENCIES
  jwt
  minitest

BUNDLED WITH
   1.13.7
